GEM
  remote: https://rubygems.org/
  specs:
    busser (0.8.0)
      thor (<= 0.19.0)
    busser-serverspec (0.5.10)
      busser
      rake
      rspec-core
    diff-lcs (1.4.4)
    json (2.3.1)
    multi_json (1.15.0)
    net-scp (3.0.0)
      net-ssh (>= 2.6.5, < 7.0.0)
    net-ssh (6.1.0)
    net-telnet (0.1.1)
    rake (13.0.1)
    rdoc (6.3.1)
    rspec (3.10.0)
      rspec-core (~> 3.10.0)
      rspec-expectations (~> 3.10.0)
      rspec-mocks (~> 3.10.0)
    rspec-core (3.10.0)
      rspec-support (~> 3.10.0)
    rspec-expectations (3.10.0)
      diff-lcs (>= 1.2.0, < 2.0)
      rspec-support (~> 3.10.0)
    rspec-its (1.3.0)
      rspec-core (>= 3.0.0)
      rspec-expectations (>= 3.0.0)
    rspec-mocks (3.10.0)
      diff-lcs (>= 1.2.0, < 2.0)
      rspec-support (~> 3.10.0)
    rspec-support (3.10.0)
    serverspec (2.41.5)
      multi_json
      rspec (~> 3.0)
      rspec-its
      specinfra (~> 2.72)
    sfl (2.3)
    specinfra (2.82.22)
      net-scp
      net-ssh (>= 2.7)
      net-telnet (= 0.1.1)
      sfl
    thor (0.19.0)

PLATFORMS
  ruby

DEPENDENCIES
  busser
  busser-serverspec
  json
  net-ssh
  net-telnet (< 0.2.0)
  rake
  rdoc
  rspec-core (~> 3.10.0)
  rspec-support
  serverspec

BUNDLED WITH
   1.17.2
